GIT
  remote: https://github.com/wyncode/humanity_gem.git
  revision: b89be4f41274ddc8d529749d9a9f746d5d91d9e7
  branch: basic_orm
  specs:
    humanity (0.2.0)
      activesupport (~> 5.2)
      pg (~> 1.0)

GEM
  remote: https://rubygems.org/
  specs:
    activesupport (5.2.0)
      concurrent-ruby (~> 1.0, >= 1.0.2)
      i18n (>= 0.7, < 2)
      minitest (~> 5.1)
      tzinfo (~> 1.1)
    concurrent-ruby (1.0.5)
    i18n (1.0.1)
      concurrent-ruby (~> 1.0)
    minitest (5.11.3)
    mustermann (1.0.2)
    pg (1.0.0)
    rack (2.0.5)
    rack-protection (2.0.1)
      rack
    sinatra (2.0.1)
      mustermann (~> 1.0)
      rack (~> 2.0)
      rack-protection (= 2.0.1)
      tilt (~> 2.0)
    thread_safe (0.3.6)
    tilt (2.0.8)
    tzinfo (1.2.5)
      thread_safe (~> 0.1)

PLATFORMS
  ruby

DEPENDENCIES
  humanity!
  sinatra (~> 2.0)

BUNDLED WITH
   1.16.1
